GEM
  remote: http://rubygems.org/
  specs:
    rserve-client (0.2.5)

PLATFORMS
  ruby

DEPENDENCIES
  rserve-client
